PATH
  remote: .
  specs:
    svgo-rb (0.1.5)
      npm_ext (= 0.1.6)

GEM
  remote: https://rubygems.org/
  specs:
    ast (2.4.2)
    json (2.9.1)
    language_server-protocol (3.17.0.3)
    libv8-node (16.10.0.0-x86_64-linux)
    mini_racer (0.6.2)
      libv8-node (~> 16.10.0.0)
    minitest (5.25.4)
    npm_ext (0.1.6)
      mini_racer (= 0.6.2)
    parallel (1.26.3)
    parser (3.3.6.0)
      ast (~> 2.4.1)
      racc
    racc (1.8.1)
    rainbow (3.1.1)
    rake (13.2.1)
    rake-compiler (1.2.8)
      rake
    regexp_parser (2.9.3)
    rubocop (1.69.2)
      json (~> 2.3)
      language_server-protocol (>= 3.17.0)
      parallel (~> 1.10)
      parser (>= 3.3.0.2)
      rainbow (>= 2.2.2, < 4.0)
      regexp_parser (>= 2.9.3, < 3.0)
      rubocop-ast (>= 1.36.2, < 2.0)
      ruby-progressbar (~> 1.7)
      unicode-display_width (>= 2.4.0, < 4.0)
    rubocop-ast (1.37.0)
      parser (>= 3.3.1.0)
    ruby-progressbar (1.13.0)
    unicode-display_width (3.1.2)
      unicode-emoji (~> 4.0, >= 4.0.4)
    unicode-emoji (4.0.4)

PLATFORMS
  x86_64-linux

DEPENDENCIES
  minitest (~> 5.0)
  rake (~> 13.0)
  rake-compiler (~> 1.2.8)
  rubocop (~> 1.21)
  svgo-rb!

BUNDLED WITH
   2.3.27
